PATH
  remote: .
  specs:
    collection_json (0.0.1)
      active_support
      i18n
      virtus

GEM
  remote: https://rubygems.org/
  specs:
    active_support (3.0.0)
      activesupport (= 3.0.0)
    activesupport (3.0.0)
    diff-lcs (1.1.3)
    i18n (0.6.0)
    rspec (2.8.0)
      rspec-core (~> 2.8.0)
      rspec-expectations (~> 2.8.0)
      rspec-mocks (~> 2.8.0)
    rspec-core (2.8.0)
    rspec-expectations (2.8.0)
      diff-lcs (~> 1.1.2)
    rspec-mocks (2.8.0)
    virtus (0.3.0)

PLATFORMS
  ruby

DEPENDENCIES
  collection_json!
  rspec
